PATH
  remote: .
  specs:
    story (1.0.0)
      faker (~> 3.0)
      mime-types (~> 3.7)
      ollama-ai (~> 1.3)

GEM
  remote: https://rubygems.org/
  specs:
    concurrent-ruby (1.3.5)
    ethon (0.15.0)
      ffi (>= 1.15.0)
    faker (3.5.2)
      i18n (>= 1.8.11, < 2)
    faraday (2.14.0)
      faraday-net_http (>= 2.0, < 3.5)
      json
      logger
    faraday-net_http (3.4.1)
      net-http (>= 0.5.0)
    faraday-typhoeus (1.1.0)
      faraday (~> 2.0)
      typhoeus (~> 1.4)
    ffi (1.17.2)
    ffi (1.17.2-arm64-darwin)
    i18n (1.14.7)
      concurrent-ruby (~> 1.0)
    json (2.15.2)
    logger (1.7.0)
    mime-types (3.7.0)
      logger
      mime-types-data (~> 3.2025, >= 3.2025.0507)
    mime-types-data (3.2025.0924)
    net-http (0.6.0)
      uri
    ollama-ai (1.3.0)
      faraday (~> 2.10)
      faraday-typhoeus (~> 1.1)
      typhoeus (~> 1.4, >= 1.4.1)
    typhoeus (1.5.0)
      ethon (>= 0.9.0, < 0.16.0)
    uri (1.0.4)

PLATFORMS
  arm64-darwin

DEPENDENCIES
  story!

BUNDLED WITH
   2.7.2
